GIT
  remote: git://github.com/libgit2/rugged.git
  revision: 1db069fa9e9164144c0b24b9e30194c00a618b08
  branch: master
  submodules: true
  specs:
    rugged (0.24.0b12)

GEM
  remote: https://rubygems.org/
  specs:
    dotenv (1.0.2)

PLATFORMS
  ruby

DEPENDENCIES
  dotenv
  rugged!

BUNDLED WITH
   1.10.6
